GEM
  remote: https://rubygems.org/
  specs:
    flickraw (0.8.1)
      json (>= 1.1.1)
    foreman (0.60.2)
      thor (>= 0.13.6)
    haml (3.1.7)
    json (1.7.5)
    puma (1.6.3)
      rack (~> 1.2)
    rack (1.4.1)
    rack-protection (1.2.0)
      rack
    sinatra (1.3.3)
      rack (~> 1.3, >= 1.3.6)
      rack-protection (~> 1.2)
      tilt (~> 1.3, >= 1.3.3)
    thor (0.16.0)
    tilt (1.3.3)

PLATFORMS
  ruby

DEPENDENCIES
  flickraw (= 0.8.1)
  foreman
  haml
  puma
  sinatra
